GIT
  remote: git://github.com/jayroh/radiant-page_factory-extension.git
  revision: ece71dc3f7de588b1872610b93951174628f7eaf
  branch: 2.0
  specs:
    radiant-page_factory-extension (2.0)

GEM
  remote: http://rubygems.org/
  specs:
    RedCloth (4.2.8)
    ZenTest (4.6.0)
    actionmailer (2.3.14)
      actionpack (= 2.3.14)
    actionpack (2.3.14)
      activesupport (= 2.3.14)
      rack (~> 1.1.0)
    activerecord (2.3.14)
      activesupport (= 2.3.14)
    activeresource (2.3.14)
      activesupport (= 2.3.14)
    activesupport (2.3.14)
    acts_as_list (0.1.4)
    acts_as_tree (0.1.1)
    bluecloth (2.1.0)
    builder (3.0.0)
    chunky_png (1.2.4)
    cocaine (0.2.0)
    coffee-script (2.2.0)
      coffee-script-source
      execjs
    coffee-script-source (1.1.2)
    columnize (0.3.4)
    compass (0.11.1)
      chunky_png (~> 1.1)
      fssm (>= 0.2.7)
      sass (~> 3.1)
    compass-susy-plugin (0.9)
      compass (>= 0.11.1)
    cucumber (1.0.6)
      builder (>= 2.1.2)
      diff-lcs (>= 1.1.2)
      gherkin (~> 2.4.18)
      json (>= 1.4.6)
      term-ansicolor (>= 1.0.6)
    cucumber-rails (0.3.2)
      cucumber (>= 0.8.0)
    database_cleaner (0.6.7)
    delocalize (0.2.6)
    diff-lcs (1.1.3)
    execjs (1.2.6)
      multi_json (~> 1.0)
    fssm (0.2.7)
    gherkin (2.4.21)
      json (>= 1.4.6)
    haml (3.1.3)
    highline (1.6.2)
    json (1.6.0)
    linecache (0.46)
      rbx-require-relative (> 0.0.4)
    mime-types (1.16)
    multi_json (1.0.3)
    mysql (2.8.1)
    nokogiri (1.5.0)
    paperclip (2.3.16)
      activerecord (>= 2.3.0)
      activesupport (>= 2.3.2)
      cocaine (>= 0.0.2)
      mime-types
    rack (1.1.2)
    rack-cache (1.0.3)
      rack (>= 0.4)
    rack-test (0.6.1)
      rack (>= 1.0)
    radiant (1.0.0.rc3)
      ZenTest (= 4.6.0)
      acts_as_tree (~> 0.1.1)
      bundler (~> 1.0.0)
      compass (~> 0.11.1)
      cucumber-rails (~> 0.3.2)
      database_cleaner (~> 0.6.5)
      delocalize (~> 0.2.3)
      haml (~> 3.1.1)
      highline (~> 1.6.2)
      rack (~> 1.1.1)
      rack-cache (~> 1.0.2)
      radiant-archive-extension (~> 1.0.0)
      radiant-clipped-extension (~> 1.0.6)
      radiant-debug-extension (~> 1.0.0)
      radiant-exporter-extension (~> 1.0.0)
      radiant-markdown_filter-extension (~> 1.0.0)
      radiant-sheets-extension (~> 1.0.0.pre)
      radiant-site_templates-extension (~> 1.0.0)
      radiant-smarty_pants_filter-extension (~> 1.0.0)
      radiant-textile_filter-extension (~> 1.0.0)
      radius (~> 0.7.1)
      rails (~> 2.3.12)
      rake (~> 0.8.7)
      rdoc (~> 3.9.2)
      rspec (~> 1.3.1)
      rspec-rails (~> 1.3.3)
      sqlite3 (~> 1.3.4)
      webrat (~> 0.7.3)
      will_paginate (~> 2.3.11)
    radiant-archive-extension (1.0.1)
    radiant-clipped-extension (1.0.10)
      acts_as_list (~> 0.1.2)
      paperclip (~> 2.3.16)
      uuidtools (~> 2.1.2)
    radiant-debug-extension (1.0.1)
    radiant-exporter-extension (1.0.1)
    radiant-markdown_filter-extension (1.0.1)
      bluecloth (~> 2.1.0)
    radiant-settings-extension (1.1.1)
    radiant-sheets-extension (1.0.0)
      coffee-script (~> 2.2.0)
      sass (~> 3.1.2)
    radiant-site_templates-extension (1.0.1)
    radiant-smarty_pants_filter-extension (1.0.1)
      rubypants (~> 0.2.0)
    radiant-textile_filter-extension (1.0.3)
      RedCloth (~> 4.2.0)
    radius (0.7.1)
    rails (2.3.14)
      actionmailer (= 2.3.14)
      actionpack (= 2.3.14)
      activerecord (= 2.3.14)
      activeresource (= 2.3.14)
      activesupport (= 2.3.14)
      rake (>= 0.8.3)
    rake (0.8.7)
    rbx-require-relative (0.0.5)
    rdoc (3.9.4)
    rspec (1.3.2)
    rspec-rails (1.3.4)
      rack (>= 1.0.0)
      rspec (~> 1.3.1)
    ruby-debug (0.10.4)
      columnize (>= 0.1)
      ruby-debug-base (~> 0.10.4.0)
    ruby-debug-base (0.10.4)
      linecache (>= 0.3)
    rubypants (0.2.0)
    sass (3.1.2)
    sqlite3 (1.3.4)
    term-ansicolor (1.0.6)
    uuidtools (2.1.2)
    webrat (0.7.3)
      nokogiri (>= 1.2.0)
      rack (>= 1.0)
      rack-test (>= 0.5.3)
    will_paginate (2.3.16)
    wirble (0.1.3)

PLATFORMS
  ruby

DEPENDENCIES
  compass (= 0.11.1)
  compass-susy-plugin (= 0.9)
  mysql (~> 2.8.1)
  radiant (= 1.0.0.rc3)
  radiant-page_factory-extension (= 2.0)!
  radiant-settings-extension (= 1.1.1)
  ruby-debug
  sass (= 3.1.2)
  wirble
